GEM
  remote: https://rubygems.org/
  specs:
    license_finder (7.1.0)
      bundler
      rubyzip (>= 1, < 3)
      thor (~> 1.2)
      tomlrb (>= 1.3, < 2.1)
      with_env (= 1.1.0)
      xml-simple (~> 1.1.9)
    racc (1.7.3)
    rexml (3.2.6)
    rubyzip (2.3.2)
    thor (1.3.0)
    tomlrb (2.0.3)
    with_env (1.1.0)
    xml-simple (1.1.9)
      rexml

PLATFORMS
  ruby

DEPENDENCIES
  license_finder (~> 7.0)
  racc

RUBY VERSION
   ruby 3.3.0p0

BUNDLED WITH
   2.5.4
